GIT
  remote: git://github.com/johndavid400/spree_forem.git
  revision: e524b89b71dd8ea337fd324a1c6e5e8ecd348440
  specs:
    spree_forem (1.0.3)
      spree_core (>= 1.0.0)

GIT
  remote: git://github.com/maximkulkin/spree_yandex_market_scraper.git
  revision: edd46e9af35b1b319bf7336edf7b49de814cad6d
  specs:
    spree_yandex_market_scraper (0.1)
      spree_core (~> 1.0.0)

GIT
  remote: git://github.com/radar/forem-theme-twist.git
  revision: 77e892616a9cc7ab918da9249516e07ad6988f9a
  specs:
    forem-theme-twist (0.0.1)

GIT
  remote: git://github.com/radar/forem.git
  revision: 43a64108ebdcf0c4366dc8dda15a0d67058974a3
  specs:
    forem (1.0.0.beta1)
      cancan (= 1.6.7)
      forem-redcarpet (= 1.0.0)
      rails (~> 3.1)
      simple_form
      workflow (= 0.8.0)

GIT
  remote: git://github.com/romul/spree_dynamic_sitemaps.git
  revision: 599fa90c6a4fb6ce86541a1ab5e3cf5444a71534
  specs:
    spree_dynamic_sitemaps (0.50.1)

GIT
  remote: git://github.com/spree/spree_i18n.git
  revision: f16e8b829fb82261e3917d75afbf9de94840e154
  branch: 1-0-stable
  specs:
    spree_i18n (1.0.0)
      spree_core (>= 0.30.0)

GIT
  remote: git://github.com/spree/spree_recently_viewed.git
  revision: 94da8eae4286fd5eac4319e21dffb0980a2e6d0a
  specs:
    spree_recently_viewed (1.1)
      spree_core (>= 1.0.0)

GIT
  remote: git://github.com/spree/spree_reviews.git
  revision: c2154fa107b81fbf880c44e1d31407c3863b2d8b
  branch: 1-0-stable
  specs:
    spree_reviews (1.0.0)
      spree_core (~> 1.0)

GIT
  remote: git://github.com/spree/spree_static_content.git
  revision: f7c1d415b8c0c345bec16ef65e62fd2e07f24572
  branch: 1-0-stable
  specs:
    spree_static_content (1.0.1)
      spree_auth (~> 1.0.0)
      spree_core (~> 1.0.0)

GIT
  remote: git://raw.github.com/spree/spree_editor.git
  revision: 9846455f5b48615a328d334e37f619ba7a571ba4
  specs:
    spree_editor (1.0.1)
      spree_core (>= 1.0.0)
      tinymce-rails (>= 3.4.7.0.1)

GEM
  remote: http://rubygems.org/
  specs:
    actionmailer (3.1.4)
      actionpack (= 3.1.4)
      mail (~> 2.3.0)
    actionpack (3.1.4)
      activemodel (= 3.1.4)
      activesupport (= 3.1.4)
      builder (~> 3.0.0)
      erubis (~> 2.7.0)
      i18n (~> 0.6)
      rack (~> 1.3.6)
      rack-cache (~> 1.1)
      rack-mount (~> 0.8.2)
      rack-test (~> 0.6.1)
      sprockets (~> 2.0.3)
    active_utils (1.0.3)
      activesupport (>= 2.3.11)
      i18n
    activemerchant (1.20.1)
      active_utils (>= 1.0.1)
      activesupport (>= 2.3.11)
      braintree (>= 2.0.0)
      builder (>= 2.0.0)
      i18n
      json (>= 1.5.1)
      money (<= 3.7.1)
    activemodel (3.1.4)
      activesupport (= 3.1.4)
      builder (~> 3.0.0)
      i18n (~> 0.6)
    activerecord (3.1.4)
      activemodel (= 3.1.4)
      activesupport (= 3.1.4)
      arel (~> 2.2.3)
      tzinfo (~> 0.3.29)
    activeresource (3.1.4)
      activemodel (= 3.1.4)
      activesupport (= 3.1.4)
    activesupport (3.1.4)
      multi_json (~> 1.0)
    acts_as_list (0.1.4)
    ansi (1.4.3)
    arel (2.2.3)
    bcrypt-ruby (3.0.1)
    blankslate (2.1.2.4)
    braintree (2.16.0)
      builder (>= 2.0.0)
    builder (3.0.0)
    cancan (1.6.7)
    capistrano (2.12.0)
      highline
      net-scp (>= 1.0.0)
      net-sftp (>= 2.0.0)
      net-ssh (>= 2.0.14)
      net-ssh-gateway (>= 1.1.0)
    capistrano-ext-rvm (0.0.2)
      capistrano (>= 1.0.0)
    capistrano-ext-rvm-unicorn (0.0.1)
      capistrano (>= 1.0.0)
      capistrano-ext-rvm (>= 0.0.2)
    cocaine (0.2.1)
    coffee-rails (3.1.1)
      coffee-script (>= 2.2.0)
      railties (~> 3.1.0)
    coffee-script (2.2.0)
      coffee-script-source
      execjs
    coffee-script-source (1.3.3)
    daemons (1.1.8)
    deface (0.9.1)
      nokogiri (~> 1.5.0)
      rails (~> 3.1)
    devise (1.4.8)
      bcrypt-ruby (~> 3.0)
      orm_adapter (~> 0.0.3)
      warden (~> 1.0.3)
    erubis (2.7.0)
    eventmachine (0.12.10)
    execjs (1.4.0)
      multi_json (~> 1.0)
    ffaker (1.12.1)
    ffi (1.0.11)
    forem-redcarpet (1.0.0)
      pygments.rb (= 0.2.4)
      redcarpet (= 2.0.1)
    foreman (0.60.2)
      thor (>= 0.13.6)
    highline (1.6.8)
    hike (1.2.1)
    i18n (0.6.0)
    jquery-rails (1.0.19)
      railties (~> 3.0)
      thor (~> 0.14)
    json (1.7.3)
    kaminari (0.13.0)
      actionpack (>= 3.0.0)
      activesupport (>= 3.0.0)
      railties (>= 3.0.0)
    kgio (2.7.4)
    libv8 (3.3.10.4)
    mail (2.3.3)
      i18n (>= 0.4.0)
      mime-types (~> 1.16)
      treetop (~> 1.4.8)
    meta_search (1.1.1)
      actionpack (~> 3.1.0)
      activerecord (~> 3.1.0)
      activesupport (~> 3.1.0)
      polyamorous (~> 0.5.0)
    mime-types (1.19)
    money (3.7.1)
      i18n (~> 0.4)
    multi_json (1.3.6)
    mysql2 (0.3.11)
    nested_set (1.6.8)
      activerecord (>= 3.0.0)
      railties (>= 3.0.0)
    net-scp (1.0.4)
      net-ssh (>= 1.99.1)
    net-sftp (2.0.5)
      net-ssh (>= 2.0.9)
    net-ssh (2.5.2)
    net-ssh-gateway (1.1.0)
      net-ssh (>= 1.99.1)
    nokogiri (1.5.5)
    orm_adapter (0.0.7)
    paperclip (2.7.0)
      activerecord (>= 2.3.0)
      activesupport (>= 2.3.2)
      cocaine (>= 0.0.2)
      mime-types
    polyamorous (0.5.0)
      activerecord (~> 3.0)
    polyglot (0.3.3)
    pr_geohash (1.0.0)
    pygments.rb (0.2.4)
      rubypython (~> 0.5.3)
    rack (1.3.6)
    rack-cache (1.2)
      rack (>= 0.4)
    rack-mount (0.8.3)
      rack (>= 1.0.0)
    rack-ssl (1.3.2)
      rack
    rack-test (0.6.1)
      rack (>= 1.0)
    rails (3.1.4)
      actionmailer (= 3.1.4)
      actionpack (= 3.1.4)
      activerecord (= 3.1.4)
      activeresource (= 3.1.4)
      activesupport (= 3.1.4)
      bundler (~> 1.0)
      railties (= 3.1.4)
    rails-dev-tweaks (0.6.1)
      actionpack (~> 3.1)
      railties (~> 3.1)
    railties (3.1.4)
      actionpack (= 3.1.4)
      activesupport (= 3.1.4)
      rack-ssl (~> 1.3.2)
      rake (>= 0.8.7)
      rdoc (~> 3.4)
      thor (~> 0.14.6)
    raindrops (0.10.0)
    rake (0.9.2.2)
    rdoc (3.12)
      json (~> 1.4)
    redcarpet (2.0.1)
    redis (2.2.2)
    redis-namespace (1.1.0)
      redis (< 3.0.0)
    resque (1.23.0)
      multi_json (~> 1.0)
      redis-namespace (~> 1.0)
      sinatra (>= 0.9.2)
      vegas (~> 0.1.2)
    rsolr (1.0.8)
      builder (>= 2.1.2)
    rubypython (0.5.3)
      blankslate (>= 2.1.2.3)
      ffi (~> 1.0.7)
    russian (0.6.0)
      i18n (>= 0.5.0)
    rvm-capistrano (1.2.5)
      capistrano (>= 2.0.0)
    sass (3.1.20)
    sass-rails (3.1.4)
      actionpack (~> 3.1.0)
      railties (~> 3.1.0)
      sass (>= 3.1.4)
      sprockets (~> 2.0.0)
      tilt (~> 1.3.2)
    simple_form (2.0.2)
      actionpack (~> 3.0)
      activemodel (~> 3.0)
    sinatra (1.2.6)
      rack (~> 1.1)
      tilt (>= 1.2.2, < 2.0)
    spree_api (1.0.4)
      spree_auth (= 1.0.4)
      spree_core (= 1.0.4)
    spree_auth (1.0.4)
      cancan (= 1.6.7)
      devise (= 1.4.8)
      spree_core (= 1.0.4)
    spree_core (1.0.4)
      activemerchant (= 1.20.1)
      acts_as_list (= 0.1.4)
      deface (>= 0.7.2)
      ffaker (~> 1.12.0)
      highline (= 1.6.8)
      jquery-rails (>= 1.0.18, <= 1.0.19)
      kaminari (>= 0.13.0)
      meta_search (= 1.1.1)
      nested_set (= 1.6.8)
      paperclip (= 2.7.0)
      rails (>= 3.1.1, <= 3.1.4)
      state_machine (= 1.1.1)
      stringex (~> 1.3.0)
    sprockets (2.0.4)
      hike (~> 1.2)
      rack (~> 1.0)
      tilt (~> 1.1, != 1.3.0)
    state_machine (1.1.1)
    stringex (1.3.3)
    sunspot (1.3.2)
      pr_geohash (~> 1.0)
      rsolr (~> 1.0.7)
    sunspot_rails (1.3.2)
      nokogiri
      sunspot (= 1.3.2)
    sunspot_solr (1.3.2)
    therubyracer (0.10.1)
      libv8 (~> 3.3.10)
    thin (1.4.1)
      daemons (>= 1.0.9)
      eventmachine (>= 0.12.6)
      rack (>= 1.0.0)
    thor (0.14.6)
    tilt (1.3.3)
    tinymce-rails (3.5.4.1)
      railties (>= 3.1.1)
    tinymce-rails-langs (0.1)
      tinymce-rails (>= 3.4.9)
    treetop (1.4.10)
      polyglot
      polyglot (>= 0.3.1)
    turn (0.8.3)
      ansi
    tzinfo (0.3.33)
    uglifier (1.2.6)
      execjs (>= 0.3.0)
      multi_json (~> 1.3)
    unicode (0.4.2)
    unicorn (4.3.1)
      kgio (~> 2.6)
      rack
      raindrops (~> 0.7)
    vegas (0.1.11)
      rack (>= 1.0.0)
    warden (1.0.6)
      rack (>= 1.0)
    workflow (0.8.0)

PLATFORMS
  ruby

DEPENDENCIES
  capistrano
  capistrano-ext-rvm-unicorn
  coffee-rails (~> 3.1.1)
  forem!
  forem-theme-twist!
  foreman
  jquery-rails
  mysql2
  rails (= 3.1.4)
  rails-dev-tweaks (~> 0.6.1)
  resque
  russian (~> 0.6.0)
  rvm-capistrano
  sass-rails (= 3.1.4)
  spree_api (~> 1.0.0)
  spree_auth (~> 1.0.0)
  spree_core (~> 1.0.0)
  spree_dynamic_sitemaps!
  spree_editor!
  spree_forem!
  spree_i18n!
  spree_recently_viewed!
  spree_reviews!
  spree_static_content (~> 1.0.1)!
  spree_yandex_market_scraper!
  sunspot_rails
  sunspot_solr
  therubyracer
  thin
  tinymce-rails (>= 3.4.9)
  tinymce-rails-langs
  turn (~> 0.8.3)
  uglifier (>= 1.0.3)
  unicode
  unicorn
